GEM
  remote: https://rubygems.org/
  specs:
    mini_portile2 (2.4.0)
    nokogiri (1.10.1)
      mini_portile2 (~> 2.4.0)
    reverse_markdown (1.1.0)
      nokogiri
    slop (4.6.2)

PLATFORMS
  ruby

DEPENDENCIES
  nokogiri (~> 1.10, >= 1.10.1)
  reverse_markdown (~> 1.0, >= 1.0.3)
  slop (~> 4.3)

BUNDLED WITH
   1.17.1
